GIT
  remote: git://github.com/calabash/luffa.git
  revision: 33f3726ae7c71dbfc1859484068c7444ce119ef0
  branch: develop
  specs:
    luffa (1.0.7)
      awesome_print (~> 1.2)
      json (~> 1.8)
      retriable (>= 1.3.3.1, < 2.1)
      thor (~> 0.19)

GIT
  remote: git://github.com/calabash/run_loop.git
  revision: f51d370f0474b258a44f7a0cd87e6b5df8e3bcd5
  branch: develop
  specs:
    run_loop (2.0.2)
      CFPropertyList (~> 2.2)
      awesome_print (~> 1.2)
      command_runner_ng (>= 0.0.2)
      json (~> 1.8)
      thor (>= 0.18.1, < 1.0)

GEM
  remote: https://rubygems.org/
  specs:
    CFPropertyList (2.3.2)
    awesome_print (1.6.1)
    command_runner_ng (0.1.0)
    json (1.8.3)
    retriable (2.0.2)
    rouge (1.10.1)
    thor (0.19.1)
    xcpretty (0.2.1)
      rouge (~> 1.8)

PLATFORMS
  ruby

DEPENDENCIES
  luffa!
  retriable (~> 2.0)
  run_loop!
  xcpretty
